GEM
  remote: https://rubygems.org/
  specs:
    actionmailer (4.0.0)
      actionpack (= 4.0.0)
      mail (~> 2.5.3)
    actionpack (4.0.0)
      activesupport (= 4.0.0)
      builder (~> 3.1.0)
      erubis (~> 2.7.0)
      rack (~> 1.5.2)
      rack-test (~> 0.6.2)
    activemodel (4.0.0)
      activesupport (= 4.0.0)
      builder (~> 3.1.0)
    activerecord (4.0.0)
      activemodel (= 4.0.0)
      activerecord-deprecated_finders (~> 1.0.2)
      activesupport (= 4.0.0)
      arel (~> 4.0.0)
    activerecord-deprecated_finders (1.0.3)
    activesupport (4.0.0)
      i18n (~> 0.6, >= 0.6.4)
      minitest (~> 4.2)
      multi_json (~> 1.3)
      thread_safe (~> 0.1)
      tzinfo (~> 0.3.37)
    addressable (2.3.5)
    arel (4.0.0)
    atomic (1.1.14)
    bcrypt-ruby (3.0.1)
    better_errors (1.0.1)
      coderay (>= 1.0.0)
      erubis (>= 2.6.6)
    binding_of_caller (0.7.2)
      debug_inspector (>= 0.0.1)
    builder (3.1.4)
    byebug (2.3.0)
      columnize (~> 0.3.6)
      debugger-linecache (~> 1.2.0)
    climate_control (0.0.3)
      activesupport (>= 3.0)
    cocaine (0.5.2)
      climate_control (>= 0.0.3, < 1.0)
    coderay (1.0.9)
    coffee-rails (4.0.0)
      coffee-script (>= 2.2.0)
      railties (>= 4.0.0.beta, < 5.0)
    coffee-script (2.2.0)
      coffee-script-source
      execjs
    coffee-script-source (1.6.3)
    columnize (0.3.6)
    debug_inspector (0.0.2)
    debugger (1.6.1)
      columnize (>= 0.3.1)
      debugger-linecache (~> 1.2.0)
      debugger-ruby_core_source (~> 1.2.3)
    debugger-linecache (1.2.0)
    debugger-ruby_core_source (1.2.3)
    erubis (2.7.0)
    execjs (2.0.2)
    faraday (0.8.8)
      multipart-post (~> 1.2.0)
    hike (1.2.3)
    httpauth (0.2.0)
    i18n (0.6.5)
    jquery-rails (3.0.4)
      railties (>= 3.0, < 5.0)
      thor (>= 0.14, < 2.0)
    jwt (0.1.8)
      multi_json (>= 1.5)
    launchy (2.3.0)
      addressable (~> 2.3)
    letter_opener (1.1.2)
      launchy (~> 2.2)
    mail (2.5.4)
      mime-types (~> 1.16)
      treetop (~> 1.4.8)
    method_source (0.8.2)
    mime-types (1.25)
    minitest (4.7.5)
    multi_json (1.8.1)
    multipart-post (1.2.0)
    oauth (0.4.7)
    oauth2 (0.8.1)
      faraday (~> 0.8)
      httpauth (~> 0.1)
      jwt (~> 0.1.4)
      multi_json (~> 1.0)
      rack (~> 1.2)
    paperclip (3.5.1)
      activemodel (>= 3.0.0)
      activesupport (>= 3.0.0)
      cocaine (~> 0.5.0)
      mime-types
    pg (0.17.0)
    polyglot (0.3.3)
    pry (0.9.12.2)
      coderay (~> 1.0.5)
      method_source (~> 0.8)
      slop (~> 3.4)
    pry-byebug (1.2.0)
      byebug (~> 2.2)
      pry (~> 0.9.12)
    pry-rails (0.3.2)
      pry (>= 0.9.10)
    rack (1.5.2)
    rack-test (0.6.2)
      rack (>= 1.0)
    rails (4.0.0)
      actionmailer (= 4.0.0)
      actionpack (= 4.0.0)
      activerecord (= 4.0.0)
      activesupport (= 4.0.0)
      bundler (>= 1.3.0, < 2.0)
      railties (= 4.0.0)
      sprockets-rails (~> 2.0.0)
    railties (4.0.0)
      actionpack (= 4.0.0)
      activesupport (= 4.0.0)
      rake (>= 0.8.7)
      thor (>= 0.18.1, < 2.0)
    rake (10.1.0)
    sass (3.2.12)
    sass-rails (4.0.0)
      railties (>= 4.0.0.beta, < 5.0)
      sass (>= 3.1.10)
      sprockets-rails (~> 2.0.0)
    slop (3.4.6)
    socialization (1.0.0)
      activerecord
    sorcery (0.8.2)
      bcrypt-ruby (~> 3.0.0)
      oauth (~> 0.4.4)
      oauth2 (~> 0.8.0)
    sprockets (2.10.0)
      hike (~> 1.2)
      multi_json (~> 1.0)
      rack (~> 1.0)
      tilt (~> 1.1, != 1.3.0)
    sprockets-rails (2.0.0)
      actionpack (>= 3.0)
      activesupport (>= 3.0)
      sprockets (~> 2.8)
    thor (0.18.1)
    thread_safe (0.1.3)
      atomic
    tilt (1.4.1)
    treetop (1.4.15)
      polyglot
      polyglot (>= 0.3.1)
    tzinfo (0.3.37)
    uglifier (2.2.1)
      execjs (>= 0.3.0)
      multi_json (~> 1.0, >= 1.0.2)

PLATFORMS
  ruby

DEPENDENCIES
  better_errors
  binding_of_caller
  coffee-rails (~> 4.0.0)
  debugger
  jquery-rails
  letter_opener
  paperclip (~> 3.0)
  pg
  pry-byebug
  pry-rails
  rails (= 4.0.0)
  sass-rails (~> 4.0.0)
  socialization
  sorcery
  uglifier (>= 1.3.0)
